GEM
  remote: http://rubygems.org/
  specs:
    addressable (2.2.8)
    crack (0.3.1)
    diff-lcs (1.1.3)
    faraday (0.8.1)
      multipart-post (~> 1.1)
    faraday_middleware (0.8.7)
      faraday (>= 0.7.4, < 0.9)
    git (1.2.5)
    jeweler (1.8.3)
      bundler (~> 1.0)
      git (>= 1.2.5)
      rake
      rdoc
    json (1.7.3)
    multipart-post (1.1.5)
    rake (0.9.2.2)
    rdoc (3.12)
      json (~> 1.4)
    rspec (2.10.0)
      rspec-core (~> 2.10.0)
      rspec-expectations (~> 2.10.0)
      rspec-mocks (~> 2.10.0)
    rspec-core (2.10.1)
    rspec-expectations (2.10.0)
      diff-lcs (~> 1.1.3)
    rspec-mocks (2.10.1)
    shoulda (3.0.1)
      shoulda-context (~> 1.0.0)
      shoulda-matchers (~> 1.0.0)
    shoulda-context (1.0.0)
    shoulda-matchers (1.0.0)
    webmock (1.8.7)
      addressable (>= 2.2.7)
      crack (>= 0.1.7)
    yard (0.8.1)

PLATFORMS
  ruby

DEPENDENCIES
  bundler
  faraday_middleware
  jeweler
  rspec
  shoulda
  webmock (~> 1.8.7)
  yard
